FRAMEWORK: NETSTANDARD16, NETCORE11
NUGET
  remote: https://www.nuget.org/api/v2
    Elasticsearch.Net (5.3)
      Microsoft.CSharp (>= 4.0.1) - framework: netstandard16
      NETStandard.Library (>= 1.6) - framework: netstandard16
      System.Collections.Specialized (>= 4.0.1) - framework: netstandard16
      System.ComponentModel.TypeConverter (>= 4.1) - framework: netstandard16
      System.Dynamic.Runtime (>= 4.0.11) - framework: netstandard16
      System.Reflection.TypeExtensions (>= 4.1) - framework: netstandard16
      System.Runtime.Serialization.Primitives (>= 4.1.1) - framework: netstandard16
    FAKE (4.57.4)
    Libuv (1.9.1) - framework: netstandard16
      Microsoft.NETCore.Platforms (>= 1.0.1) - framework: netstandard16
    Microsoft.AspNetCore.Hosting (1.1.1) - framework: netstandard16
      Microsoft.AspNetCore.Hosting.Abstractions (>= 1.1.1) - framework: >= net451, netstandard16
      Microsoft.AspNetCore.Hosting.Server.Abstractions (>= 1.1.1) - framework: >= net451, netstandard16
      Microsoft.AspNetCore.Http (>= 1.1.1) - framework: >= net451, netstandard16
      Microsoft.AspNetCore.Http.Extensions (>= 1.1.1) - framework: >= net451, netstandard16
      Microsoft.Extensions.Configuration (>= 1.1.1) - framework: >= net451, netstandard16
      Microsoft.Extensions.Configuration.EnvironmentVariables (>= 1.1.1) - framework: >= net451, netstandard16
      Microsoft.Extensions.DependencyInjection (>= 1.1) - framework: >= net451, netstandard16
      Microsoft.Extensions.FileProviders.Physical (>= 1.1) - framework: >= net451, netstandard16
      Microsoft.Extensions.Logging (>= 1.1.1) - framework: >= net451, netstandard16
      Microsoft.Extensions.Options (>= 1.1.1) - framework: >= net451, netstandard16
      Microsoft.Extensions.PlatformAbstractions (>= 1.1) - framework: >= net451, netstandard16
      NETStandard.Library (>= 1.6.1) - framework: >= net451, netstandard16
      System.Diagnostics.DiagnosticSource (>= 4.3) - framework: >= net451, netstandard16
      System.Diagnostics.StackTrace (>= 4.3) - framework: netstandard16
      System.Reflection.Metadata (>= 1.4.1) - framework: >= net451, netstandard16
      System.Runtime.Loader (>= 4.3) - framework: netstandard16
    Microsoft.AspNetCore.Hosting.Abstractions (1.1.1) - framework: netstandard16
      Microsoft.AspNetCore.Hosting.Server.Abstractions (>= 1.1.1) - framework: >= net451, netstandard16
      Microsoft.AspNetCore.Http.Abstractions (>= 1.1.1) - framework: >= net451, netstandard16
      Microsoft.Extensions.Configuration.Abstractions (>= 1.1.1) - framework: >= net451, netstandard16
      Microsoft.Extensions.DependencyInjection.Abstractions (>= 1.1) - framework: >= net451, netstandard16
      Microsoft.Extensions.FileProviders.Abstractions (>= 1.1) - framework: >= net451, netstandard16
      Microsoft.Extensions.Logging.Abstractions (>= 1.1.1) - framework: >= net451, netstandard16
      NETStandard.Library (>= 1.6.1) - framework: >= net451, netstandard16
    Microsoft.AspNetCore.Hosting.Server.Abstractions (1.1.1)
      Microsoft.AspNetCore.Http.Features (>= 1.1.1) - framework: >= net451, netstandard16
      Microsoft.Extensions.Configuration.Abstractions (>= 1.1.1) - framework: >= net451, netstandard16
      NETStandard.Library (>= 1.6.1) - framework: >= net451, netstandard16
    Microsoft.AspNetCore.Http (1.1.1) - framework: netstandard16
      Microsoft.AspNetCore.Http.Abstractions (>= 1.1.1) - framework: >= net451, netstandard16
      Microsoft.AspNetCore.WebUtilities (>= 1.1.1) - framework: >= net451, netstandard16
      Microsoft.Extensions.ObjectPool (>= 1.1) - framework: >= net451, netstandard16
      Microsoft.Extensions.Options (>= 1.1.1) - framework: >= net451, netstandard16
      Microsoft.Net.Http.Headers (>= 1.1.1) - framework: >= net451, netstandard16
      NETStandard.Library (>= 1.6.1) - framework: >= net451, netstandard16
      System.Buffers (>= 4.3) - framework: >= net451, netstandard16
    Microsoft.AspNetCore.Http.Abstractions (1.1.1)
      Microsoft.AspNetCore.Http.Features (>= 1.1.1) - framework: >= net451, netstandard16
      Microsoft.Extensions.Primitives (>= 1.1) - framework: >= net451, netstandard16
      NETStandard.Library (>= 1.6.1) - framework: >= net451, netstandard16
      System.Globalization.Extensions (>= 4.3) - framework: netstandard16
      System.Reflection.TypeExtensions (>= 4.3) - framework: netstandard16
      System.Text.Encodings.Web (>= 4.3) - framework: >= net451, netstandard16
    Microsoft.AspNetCore.Http.Extensions (1.1.1) - framework: netstandard16
      Microsoft.AspNetCore.Http.Abstractions (>= 1.1.1) - framework: >= net451, netstandard16
      Microsoft.Extensions.FileProviders.Abstractions (>= 1.1) - framework: >= net451, netstandard16
      Microsoft.Net.Http.Headers (>= 1.1.1) - framework: >= net451, netstandard16
      NETStandard.Library (>= 1.6.1) - framework: >= net451, netstandard16
      System.Buffers (>= 4.3) - framework: >= net451, netstandard16
    Microsoft.AspNetCore.Http.Features (1.1.1)
      Microsoft.Extensions.Primitives (>= 1.1) - framework: >= net451, netstandard16
      NETStandard.Library (>= 1.6.1) - framework: >= net451, netstandard16
      System.ComponentModel (>= 4.3) - framework: netstandard16
      System.Net.WebSockets (>= 4.3) - framework: netstandard16
      System.Security.Claims (>= 4.3) - framework: netstandard16
      System.Security.Principal (>= 4.3) - framework: netstandard16
    Microsoft.AspNetCore.Owin (1.1.1)
      Microsoft.AspNetCore.Http (>= 1.1.1) - framework: >= net451, netstandard16
      NETStandard.Library (>= 1.6.1) - framework: >= net451, netstandard16
    Microsoft.AspNetCore.Server.Kestrel (1.1.1)
      Libuv (>= 1.9.1) - framework: >= net451, netstandard16
      Microsoft.AspNetCore.Hosting (>= 1.1.1) - framework: >= net451, netstandard16
      Microsoft.Extensions.Logging.Abstractions (>= 1.1.1) - framework: >= net451, netstandard16
      NETStandard.Library (>= 1.6.1) - framework: >= net451, netstandard16
      System.Buffers (>= 4.3) - framework: >= net451, netstandard16
      System.Numerics.Vectors (>= 4.3) - framework: >= net451, netstandard16
      System.Threading.Tasks.Extensions (>= 4.3) - framework: >= net451, netstandard16
      System.Threading.Thread (>= 4.3) - framework: netstandard16
      System.Threading.ThreadPool (>= 4.3) - framework: netstandard16
    Microsoft.AspNetCore.WebUtilities (1.1.1) - framework: netstandard16
      Microsoft.Extensions.Primitives (>= 1.1) - framework: >= net451, netstandard16
      Microsoft.Net.Http.Headers (>= 1.1.1) - framework: >= net451, netstandard16
      NETStandard.Library (>= 1.6.1) - framework: >= net451, netstandard16
      System.Buffers (>= 4.3) - framework: >= net451, netstandard16
      System.Text.Encodings.Web (>= 4.3) - framework: >= net451, netstandard16
    Microsoft.CSharp (4.3)
      System.Collections (>= 4.3) - framework: netstandard16
      System.Diagnostics.Debug (>= 4.3) - framework: netstandard16
      System.Dynamic.Runtime (>= 4.3) - framework: netstandard16
      System.Globalization (>= 4.3) - framework: netstandard16
      System.Linq (>= 4.3) - framework: netstandard16
      System.Linq.Expressions (>= 4.3) - framework: netstandard16
      System.ObjectModel (>= 4.3) - framework: netstandard16
      System.Reflection (>= 4.3) - framework: netstandard16
      System.Reflection.Extensions (>= 4.3) - framework: netstandard16
      System.Reflection.Primitives (>= 4.3) - framework: netstandard16
      System.Reflection.TypeExtensions (>= 4.3) - framework: netstandard16
      System.Resources.ResourceManager (>= 4.3) - framework: netstandard16
      System.Runtime (>= 4.3) - framework: netstandard16
      System.Runtime.Extensions (>= 4.3) - framework: netstandard16
      System.Runtime.InteropServices (>= 4.3) - framework: netstandard16
      System.Threading (>= 4.3) - framework: netstandard16
    Microsoft.DotNet.PlatformAbstractions (1.1.1) - framework: netstandard16
      System.AppContext (>= 4.1) - framework: netstandard16
      System.Collections (>= 4.0.11) - framework: netstandard16
      System.IO (>= 4.1) - framework: netstandard16
      System.IO.FileSystem (>= 4.0.1) - framework: netstandard16
      System.Reflection.TypeExtensions (>= 4.1) - framework: netstandard16
      System.Runtime.Extensions (>= 4.1) - framework: netstandard16
      System.Runtime.InteropServices (>= 4.1) - framework: netstandard16
      System.Runtime.InteropServices.RuntimeInformation (>= 4.0) - framework: netstandard16
    Microsoft.Extensions.Configuration (1.1.1) - framework: netstandard16
      Microsoft.Extensions.Configuration.Abstractions (>= 1.1.1) - framework: >= net45, netstandard16
      NETStandard.Library (>= 1.6.1) - framework: >= net45, netstandard16
    Microsoft.Extensions.Configuration.Abstractions (1.1.1)
      Microsoft.Extensions.Primitives (>= 1.1) - framework: netstandard16
      NETStandard.Library (>= 1.6.1) - framework: netstandard16
    Microsoft.Extensions.Configuration.EnvironmentVariables (1.1.1) - framework: netstandard16
      Microsoft.Extensions.Configuration (>= 1.1.1) - framework: >= net451, netstandard16
      NETStandard.Library (>= 1.6.1) - framework: >= net451, netstandard16
    Microsoft.Extensions.DependencyInjection (1.1) - framework: netstandard16
      Microsoft.Extensions.DependencyInjection.Abstractions (>= 1.1) - framework: >= net45, netstandard16
      NETStandard.Library (>= 1.6.1) - framework: >= net45, netstandard16
    Microsoft.Extensions.DependencyInjection.Abstractions (1.1)
      NETStandard.Library (>= 1.6.1) - framework: netstandard16
      System.ComponentModel (>= 4.3) - framework: netstandard16
    Microsoft.Extensions.DependencyModel (1.1.1) - framework: netstandard16
      Microsoft.DotNet.PlatformAbstractions (>= 1.1.1) - framework: >= net451, netstandard16
      Newtonsoft.Json (>= 9.0.1) - framework: >= net451, netstandard16
      System.Diagnostics.Debug (>= 4.0.11) - framework: netstandard16
      System.Dynamic.Runtime (>= 4.0.11) - framework: netstandard16
      System.Linq (>= 4.1) - framework: netstandard16
    Microsoft.Extensions.FileProviders.Abstractions (1.1)
      Microsoft.Extensions.Primitives (>= 1.1) - framework: netstandard16
      NETStandard.Library (>= 1.6.1) - framework: netstandard16
    Microsoft.Extensions.FileProviders.Physical (1.1) - framework: netstandard16
      Microsoft.Extensions.FileProviders.Abstractions (>= 1.1) - framework: >= net451, netstandard16
      Microsoft.Extensions.FileSystemGlobbing (>= 1.1) - framework: >= net451, netstandard16
      NETStandard.Library (>= 1.6.1) - framework: >= net451, netstandard16
      System.IO.FileSystem.Watcher (>= 4.3) - framework: netstandard16
    Microsoft.Extensions.FileSystemGlobbing (1.1) - framework: netstandard16
      NETStandard.Library (>= 1.6.1) - framework: >= net45, netstandard16
    Microsoft.Extensions.Logging (1.1.1) - framework: netstandard16
      Microsoft.Extensions.DependencyInjection.Abstractions (>= 1.1) - framework: >= net45, netstandard16
      Microsoft.Extensions.Logging.Abstractions (>= 1.1.1) - framework: >= net45, netstandard16
      NETStandard.Library (>= 1.6.1) - framework: >= net45, netstandard16
    Microsoft.Extensions.Logging.Abstractions (1.1.1) - framework: netstandard16
      NETStandard.Library (>= 1.6.1) - framework: >= net45, netstandard16
    Microsoft.Extensions.ObjectPool (1.1) - framework: netstandard16
      NETStandard.Library (>= 1.6.1) - framework: >= net451, netstandard16
    Microsoft.Extensions.Options (1.1.1)
      Microsoft.Extensions.DependencyInjection.Abstractions (>= 1.1) - framework: netstandard16
      Microsoft.Extensions.Primitives (>= 1.1) - framework: netstandard16
      NETStandard.Library (>= 1.6.1) - framework: netstandard16
      System.ComponentModel (>= 4.3) - framework: netstandard16
    Microsoft.Extensions.PlatformAbstractions (1.1)
      NETStandard.Library (>= 1.6.1) - framework: >= net451, netstandard16
      System.Reflection.TypeExtensions (>= 4.3) - framework: netstandard16
    Microsoft.Extensions.Primitives (1.1)
      NETStandard.Library (>= 1.6.1) - framework: netstandard16
      System.Runtime.CompilerServices.Unsafe (>= 4.3) - framework: netstandard16
    Microsoft.Net.Http.Headers (1.1.1)
      Microsoft.Extensions.Primitives (>= 1.1) - framework: >= net45, netstandard16
      NETStandard.Library (>= 1.6.1) - framework: >= net45, netstandard16
      System.Buffers (>= 4.3) - framework: >= net45, netstandard16
      System.Diagnostics.Contracts (>= 4.3) - framework: >= net45, netstandard16
    Microsoft.NETCore.Platforms (1.1)
    Microsoft.NETCore.Targets (1.1)
    Microsoft.Win32.Primitives (4.3)
      Microsoft.NETCore.Platforms (>= 1.1) - framework: netstandard16
      Microsoft.NETCore.Targets (>= 1.1) - framework: netstandard16
      System.Runtime (>= 4.3) - framework: netstandard16
    Nancy (2.0.0-barneyrubble)
      Microsoft.CSharp (>= 4.0.1) - framework: netstandard16
      Microsoft.Extensions.DependencyModel (>= 1.0) - framework: >= net452, netstandard16
      Microsoft.Extensions.PlatformAbstractions (>= 1.0) - framework: netstandard16
      System.Collections.Concurrent (>= 4.0.12) - framework: netstandard16
      System.Collections.Specialized (>= 4.0.1) - framework: netstandard16
      System.ComponentModel.TypeConverter (>= 4.1) - framework: netstandard16
      System.Console (>= 4.0) - framework: netstandard16
      System.Data.Common (>= 4.1) - framework: netstandard16
      System.Diagnostics.Tools (>= 4.0.1) - framework: netstandard16
      System.Dynamic.Runtime (>= 4.0.11) - framework: netstandard16
      System.IO (>= 4.1) - framework: netstandard16
      System.IO.FileSystem (>= 4.0.1) - framework: netstandard16
      System.Linq (>= 4.1) - framework: netstandard16
      System.Net.NameResolution (>= 4.0) - framework: netstandard16
      System.Net.Primitives (>= 4.0.11) - framework: netstandard16
      System.Reflection.Extensions (>= 4.0.1) - framework: netstandard16
      System.Reflection.TypeExtensions (>= 4.1) - framework: netstandard16
      System.Runtime (>= 4.1) - framework: netstandard16
      System.Runtime.Serialization.Primitives (>= 4.1.1) - framework: netstandard16
      System.Security.Claims (>= 4.0.1) - framework: netstandard16
      System.Security.Cryptography.Algorithms (>= 4.2) - framework: netstandard16
      System.Security.Cryptography.X509Certificates (>= 4.1) - framework: netstandard16
      System.Text.RegularExpressions (>= 4.1) - framework: netstandard16
      System.Threading (>= 4.0.11) - framework: netstandard16
      System.Threading.Thread (>= 4.0) - framework: netstandard16
      System.Xml.XmlSerializer (>= 4.0.11) - framework: netstandard16
    NETStandard.Library (1.6.1)
      Microsoft.NETCore.Platforms (>= 1.1) - framework: netstandard16
      Microsoft.Win32.Primitives (>= 4.3) - framework: >= net46, netstandard16
      System.AppContext (>= 4.3) - framework: >= net46, netstandard16
      System.Collections (>= 4.3) - framework: netstandard16
      System.Collections.Concurrent (>= 4.3) - framework: >= net45, netstandard16
      System.Console (>= 4.3) - framework: >= net46, netstandard16
      System.Diagnostics.Debug (>= 4.3) - framework: netstandard16
      System.Diagnostics.Tools (>= 4.3) - framework: netstandard16
      System.Diagnostics.Tracing (>= 4.3) - framework: >= net45, netstandard16
      System.Globalization (>= 4.3) - framework: netstandard16
      System.Globalization.Calendars (>= 4.3) - framework: >= net46, netstandard16
      System.IO (>= 4.3) - framework: netstandard16
      System.IO.Compression (>= 4.3) - framework: >= net45, netstandard16
      System.IO.Compression.ZipFile (>= 4.3) - framework: >= net46, netstandard16
      System.IO.FileSystem (>= 4.3) - framework: >= net46, netstandard16
      System.IO.FileSystem.Primitives (>= 4.3) - framework: >= net46, netstandard16
      System.Linq (>= 4.3) - framework: netstandard16
      System.Linq.Expressions (>= 4.3) - framework: netstandard16
      System.Net.Http (>= 4.3) - framework: >= net45, netstandard16
      System.Net.Primitives (>= 4.3) - framework: netstandard16
      System.Net.Sockets (>= 4.3) - framework: >= net46, netstandard16
      System.ObjectModel (>= 4.3) - framework: netstandard16
      System.Reflection (>= 4.3) - framework: netstandard16
      System.Reflection.Extensions (>= 4.3) - framework: netstandard16
      System.Reflection.Primitives (>= 4.3) - framework: netstandard16
      System.Resources.ResourceManager (>= 4.3) - framework: netstandard16
      System.Runtime (>= 4.3) - framework: netstandard16
      System.Runtime.Extensions (>= 4.3) - framework: netstandard16
      System.Runtime.Handles (>= 4.3) - framework: >= net46, netstandard16
      System.Runtime.InteropServices (>= 4.3) - framework: >= net45, netstandard16
      System.Runtime.InteropServices.RuntimeInformation (>= 4.3) - framework: >= net45, netstandard16
      System.Runtime.Numerics (>= 4.3) - framework: >= net45, netstandard16
      System.Security.Cryptography.Algorithms (>= 4.3) - framework: >= net46, netstandard16
      System.Security.Cryptography.Encoding (>= 4.3) - framework: >= net46, netstandard16
      System.Security.Cryptography.Primitives (>= 4.3) - framework: >= net46, netstandard16
      System.Security.Cryptography.X509Certificates (>= 4.3) - framework: >= net46, netstandard16
      System.Text.Encoding (>= 4.3) - framework: netstandard16
      System.Text.Encoding.Extensions (>= 4.3) - framework: netstandard16
      System.Text.RegularExpressions (>= 4.3) - framework: netstandard16
      System.Threading (>= 4.3) - framework: netstandard16
      System.Threading.Tasks (>= 4.3) - framework: netstandard16
      System.Threading.Timer (>= 4.3) - framework: >= net451, netstandard16
      System.Xml.ReaderWriter (>= 4.3) - framework: netstandard16
      System.Xml.XDocument (>= 4.3) - framework: netstandard16
    Newtonsoft.Json (10.0.2)
      Microsoft.CSharp (>= 4.3) - framework: netstandard16
      NETStandard.Library (>= 1.6.1) - framework: netstandard16
      System.ComponentModel.TypeConverter (>= 4.3) - framework: netstandard16
      System.Runtime.Serialization.Formatters (>= 4.3) - framework: netstandard16
      System.Runtime.Serialization.Primitives (>= 4.3) - framework: netstandard16
      System.Xml.XmlDocument (>= 4.3) - framework: netstandard16
    NLog (5.0.0-beta06)
      Microsoft.Extensions.PlatformAbstractions (>= 1.0) - framework: netstandard16
      NETStandard.Library (>= 1.6) - framework: netstandard16
      System.Collections.NonGeneric (>= 4.0.1) - framework: netstandard16
      System.ComponentModel.TypeConverter (>= 4.1) - framework: netstandard16
      System.Data.Common (>= 4.1) - framework: netstandard16
      System.Diagnostics.Contracts (>= 4.0.1) - framework: netstandard16
      System.Diagnostics.StackTrace (>= 4.0.1) - framework: netstandard16
      System.Diagnostics.TraceSource (>= 4.0) - framework: netstandard16
      System.IO.FileSystem.AccessControl (>= 4.0) - framework: netstandard16
      System.IO.FileSystem.Watcher (>= 4.0) - framework: netstandard16
      System.Net.NameResolution (>= 4.0) - framework: netstandard16
      System.Net.Requests (>= 4.0.11) - framework: netstandard16
      System.Reflection.TypeExtensions (>= 4.1) - framework: netstandard16
      System.Runtime.Serialization.Primitives (>= 4.1.1) - framework: netstandard16
      System.Security.AccessControl (>= 4.0) - framework: netstandard16
      System.Security.Principal (>= 4.0.1) - framework: netstandard16
      System.Threading (>= 4.0.11) - framework: netstandard16
      System.Threading.AccessControl (>= 4.0) - framework: netstandard16
      System.Threading.Thread (>= 4.0) - framework: netstandard16
      System.Threading.ThreadPool (>= 4.0.10) - framework: netstandard16
      System.Xml.ReaderWriter (>= 4.3) - framework: netstandard16
      System.Xml.XmlDocument (>= 4.0.1) - framework: netstandard16
    NLog.Targets.ElasticSearch (3.0)
      Elasticsearch.Net (>= 5.2)
      Newtonsoft.Json (>= 9.0.1)
      NLog (>= 4.4.3)
    runtime.debian.8-x64.runtime.native.System.Security.Cryptography.OpenSsl (4.3)
    runtime.fedora.23-x64.runtime.native.System.Security.Cryptography.OpenSsl (4.3)
    runtime.fedora.24-x64.runtime.native.System.Security.Cryptography.OpenSsl (4.3)
    runtime.native.System (4.3)
      Microsoft.NETCore.Platforms (>= 1.1)
      Microsoft.NETCore.Targets (>= 1.1)
    runtime.native.System.IO.Compression (4.3) - framework: netstandard16
      Microsoft.NETCore.Platforms (>= 1.1)
      Microsoft.NETCore.Targets (>= 1.1)
    runtime.native.System.Net.Http (4.3)
      Microsoft.NETCore.Platforms (>= 1.1)
      Microsoft.NETCore.Targets (>= 1.1)
    runtime.native.System.Security.Cryptography.Apple (4.3) - framework: netstandard16
      runtime.osx.10.10-x64.runtime.native.System.Security.Cryptography.Apple (>= 4.3)
    runtime.native.System.Security.Cryptography.OpenSsl (4.3)
      runtime.debian.8-x64.runtime.native.System.Security.Cryptography.OpenSsl (>= 4.3)
      runtime.fedora.23-x64.runtime.native.System.Security.Cryptography.OpenSsl (>= 4.3)
      runtime.fedora.24-x64.runtime.native.System.Security.Cryptography.OpenSsl (>= 4.3)
      runtime.opensuse.13.2-x64.runtime.native.System.Security.Cryptography.OpenSsl (>= 4.3)
      runtime.opensuse.42.1-x64.runtime.native.System.Security.Cryptography.OpenSsl (>= 4.3)
      runtime.osx.10.10-x64.runtime.native.System.Security.Cryptography.OpenSsl (>= 4.3)
      runtime.rhel.7-x64.runtime.native.System.Security.Cryptography.OpenSsl (>= 4.3)
      runtime.ubuntu.14.04-x64.runtime.native.System.Security.Cryptography.OpenSsl (>= 4.3)
      runtime.ubuntu.16.04-x64.runtime.native.System.Security.Cryptography.OpenSsl (>= 4.3)
      runtime.ubuntu.16.10-x64.runtime.native.System.Security.Cryptography.OpenSsl (>= 4.3)
    runtime.opensuse.13.2-x64.runtime.native.System.Security.Cryptography.OpenSsl (4.3)
    runtime.opensuse.42.1-x64.runtime.native.System.Security.Cryptography.OpenSsl (4.3)
    runtime.osx.10.10-x64.runtime.native.System.Security.Cryptography.Apple (4.3) - framework: netstandard16
    runtime.osx.10.10-x64.runtime.native.System.Security.Cryptography.OpenSsl (4.3)
    runtime.rhel.7-x64.runtime.native.System.Security.Cryptography.OpenSsl (4.3)
    runtime.ubuntu.14.04-x64.runtime.native.System.Security.Cryptography.OpenSsl (4.3)
    runtime.ubuntu.16.04-x64.runtime.native.System.Security.Cryptography.OpenSsl (4.3)
    runtime.ubuntu.16.10-x64.runtime.native.System.Security.Cryptography.OpenSsl (4.3)
    System.AppContext (4.3) - framework: netstandard16
      System.Runtime (>= 4.3) - framework: netstandard16
    System.Buffers (4.3) - framework: netstandard16
      System.Diagnostics.Debug (>= 4.3) - framework: netstandard16
      System.Diagnostics.Tracing (>= 4.3) - framework: netstandard16
      System.Resources.ResourceManager (>= 4.3) - framework: netstandard16
      System.Runtime (>= 4.3) - framework: netstandard16
      System.Threading (>= 4.3) - framework: netstandard16
    System.Collections (4.3)
      Microsoft.NETCore.Platforms (>= 1.1) - framework: netstandard16
      Microsoft.NETCore.Targets (>= 1.1) - framework: netstandard16
      System.Runtime (>= 4.3) - framework: netstandard16
    System.Collections.Concurrent (4.3)
      System.Collections (>= 4.3) - framework: netstandard16
      System.Diagnostics.Debug (>= 4.3) - framework: netstandard16
      System.Diagnostics.Tracing (>= 4.3) - framework: netstandard16
      System.Globalization (>= 4.3) - framework: netstandard16
      System.Reflection (>= 4.3) - framework: netstandard16
      System.Resources.ResourceManager (>= 4.3) - framework: netstandard16
      System.Runtime (>= 4.3) - framework: netstandard16
      System.Runtime.Extensions (>= 4.3) - framework: netstandard16
      System.Threading (>= 4.3) - framework: netstandard16
      System.Threading.Tasks (>= 4.3) - framework: netstandard16
    System.Collections.Immutable (1.3.1) - framework: netstandard16
      System.Collections (>= 4.3) - framework: netstandard16
      System.Diagnostics.Debug (>= 4.3) - framework: netstandard16
      System.Globalization (>= 4.3) - framework: netstandard16
      System.Linq (>= 4.3) - framework: netstandard16
      System.Resources.ResourceManager (>= 4.3) - framework: netstandard16
      System.Runtime (>= 4.3) - framework: netstandard16
      System.Runtime.Extensions (>= 4.3) - framework: netstandard16
      System.Threading (>= 4.3) - framework: netstandard16
    System.Collections.NonGeneric (4.3)
      System.Diagnostics.Debug (>= 4.3) - framework: netstandard16
      System.Globalization (>= 4.3) - framework: netstandard16
      System.Resources.ResourceManager (>= 4.3) - framework: netstandard16
      System.Runtime (>= 4.3) - framework: netstandard16
      System.Runtime.Extensions (>= 4.3) - framework: netstandard16
      System.Threading (>= 4.3) - framework: netstandard16
    System.Collections.Specialized (4.3)
      System.Collections.NonGeneric (>= 4.3) - framework: netstandard16
      System.Globalization (>= 4.3) - framework: netstandard16
      System.Globalization.Extensions (>= 4.3) - framework: netstandard16
      System.Resources.ResourceManager (>= 4.3) - framework: netstandard16
      System.Runtime (>= 4.3) - framework: netstandard16
      System.Runtime.Extensions (>= 4.3) - framework: netstandard16
      System.Threading (>= 4.3) - framework: netstandard16
    System.ComponentModel (4.3) - framework: netstandard16
      System.Runtime (>= 4.3) - framework: netstandard16
    System.ComponentModel.Primitives (4.3) - framework: netstandard16
      System.ComponentModel (>= 4.3) - framework: netstandard16
      System.Resources.ResourceManager (>= 4.3) - framework: netstandard16
      System.Runtime (>= 4.3) - framework: netstandard16
    System.ComponentModel.TypeConverter (4.3)
      System.Collections (>= 4.3) - framework: netstandard16
      System.Collections.NonGeneric (>= 4.3) - framework: >= net462, netstandard16
      System.Collections.Specialized (>= 4.3) - framework: netstandard16
      System.ComponentModel (>= 4.3) - framework: netstandard16
      System.ComponentModel.Primitives (>= 4.3) - framework: net45, >= net462, netstandard16
      System.Globalization (>= 4.3) - framework: netstandard16
      System.Linq (>= 4.3) - framework: netstandard16
      System.Reflection (>= 4.3) - framework: netstandard16
      System.Reflection.Extensions (>= 4.3) - framework: netstandard16
      System.Reflection.Primitives (>= 4.3) - framework: netstandard16
      System.Reflection.TypeExtensions (>= 4.3) - framework: netstandard16
      System.Resources.ResourceManager (>= 4.3) - framework: netstandard16
      System.Runtime (>= 4.3) - framework: netstandard16
      System.Runtime.Extensions (>= 4.3) - framework: netstandard16
      System.Threading (>= 4.3) - framework: netstandard16
    System.Console (4.3)
      Microsoft.NETCore.Platforms (>= 1.1) - framework: netstandard16
      Microsoft.NETCore.Targets (>= 1.1) - framework: netstandard16
      System.IO (>= 4.3) - framework: netstandard16
      System.Runtime (>= 4.3) - framework: netstandard16
      System.Text.Encoding (>= 4.3) - framework: netstandard16
    System.Data.Common (4.3)
      System.Collections (>= 4.3) - framework: netstandard16
      System.Globalization (>= 4.3) - framework: netstandard16
      System.IO (>= 4.3) - framework: netstandard16
      System.Resources.ResourceManager (>= 4.3) - framework: netstandard16
      System.Runtime (>= 4.3) - framework: netstandard16
      System.Runtime.Extensions (>= 4.3) - framework: netstandard16
      System.Text.RegularExpressions (>= 4.3) - framework: netstandard16
      System.Threading.Tasks (>= 4.3) - framework: netstandard16
    System.Diagnostics.Contracts (4.3)
      System.Runtime (>= 4.3) - framework: netstandard16
    System.Diagnostics.Debug (4.3)
      Microsoft.NETCore.Platforms (>= 1.1) - framework: netstandard16
      Microsoft.NETCore.Targets (>= 1.1) - framework: netstandard16
      System.Runtime (>= 4.3) - framework: netstandard16
    System.Diagnostics.DiagnosticSource (4.3) - framework: netstandard16
      System.Collections (>= 4.3) - framework: netstandard16
      System.Diagnostics.Tracing (>= 4.3) - framework: netstandard16
      System.Reflection (>= 4.3) - framework: netstandard16
      System.Runtime (>= 4.3) - framework: netstandard16
      System.Threading (>= 4.3) - framework: netstandard16
    System.Diagnostics.StackTrace (4.3)
      System.IO.FileSystem (>= 4.3) - framework: netstandard16
      System.Reflection (>= 4.3) - framework: netstandard16
      System.Reflection.Metadata (>= 1.4.1) - framework: netstandard16
      System.Runtime (>= 4.3) - framework: netstandard16
    System.Diagnostics.Tools (4.3)
      Microsoft.NETCore.Platforms (>= 1.1) - framework: netstandard16
      Microsoft.NETCore.Targets (>= 1.1) - framework: netstandard16
      System.Runtime (>= 4.3) - framework: netstandard16
    System.Diagnostics.TraceSource (4.3) - framework: netstandard16
      Microsoft.NETCore.Platforms (>= 1.1) - framework: netstandard16
      runtime.native.System (>= 4.3) - framework: netstandard16
      System.Collections (>= 4.3) - framework: netstandard16
      System.Diagnostics.Debug (>= 4.3) - framework: netstandard16
      System.Globalization (>= 4.3) - framework: netstandard16
      System.Resources.ResourceManager (>= 4.3) - framework: netstandard16
      System.Runtime (>= 4.3) - framework: netstandard16
      System.Runtime.Extensions (>= 4.3) - framework: netstandard16
      System.Threading (>= 4.3) - framework: netstandard16
    System.Diagnostics.Tracing (4.3)
      Microsoft.NETCore.Platforms (>= 1.1) - framework: netstandard16
      Microsoft.NETCore.Targets (>= 1.1) - framework: netstandard16
      System.Runtime (>= 4.3) - framework: netstandard16
    System.Dynamic.Runtime (4.3)
      System.Collections (>= 4.3) - framework: netstandard16
      System.Diagnostics.Debug (>= 4.3) - framework: netstandard16
      System.Linq (>= 4.3) - framework: netstandard16
      System.Linq.Expressions (>= 4.3) - framework: netstandard16
      System.ObjectModel (>= 4.3) - framework: netstandard16
      System.Reflection (>= 4.3) - framework: netstandard16
      System.Reflection.Emit (>= 4.3) - framework: netstandard16
      System.Reflection.Emit.ILGeneration (>= 4.3) - framework: netstandard16
      System.Reflection.Primitives (>= 4.3) - framework: netstandard16
      System.Reflection.TypeExtensions (>= 4.3) - framework: netstandard16
      System.Resources.ResourceManager (>= 4.3) - framework: netstandard16
      System.Runtime (>= 4.3) - framework: netstandard16
      System.Runtime.Extensions (>= 4.3) - framework: netstandard16
      System.Threading (>= 4.3) - framework: netstandard16
    System.Globalization (4.3)
      Microsoft.NETCore.Platforms (>= 1.1) - framework: netstandard16
      Microsoft.NETCore.Targets (>= 1.1) - framework: netstandard16
      System.Runtime (>= 4.3) - framework: netstandard16
    System.Globalization.Calendars (4.3)
      Microsoft.NETCore.Platforms (>= 1.1) - framework: netstandard16
      Microsoft.NETCore.Targets (>= 1.1) - framework: netstandard16
      System.Globalization (>= 4.3) - framework: netstandard16
      System.Runtime (>= 4.3) - framework: netstandard16
    System.Globalization.Extensions (4.3)
      Microsoft.NETCore.Platforms (>= 1.1) - framework: netstandard16
      System.Globalization (>= 4.3) - framework: netstandard16
      System.Resources.ResourceManager (>= 4.3) - framework: netstandard16
      System.Runtime (>= 4.3) - framework: netstandard16
      System.Runtime.Extensions (>= 4.3) - framework: netstandard16
      System.Runtime.InteropServices (>= 4.3) - framework: netstandard16
    System.IO (4.3)
      Microsoft.NETCore.Platforms (>= 1.1) - framework: netstandard16
      Microsoft.NETCore.Targets (>= 1.1) - framework: netstandard16
      System.Runtime (>= 4.3) - framework: netstandard16
      System.Text.Encoding (>= 4.3) - framework: netstandard16
      System.Threading.Tasks (>= 4.3) - framework: netstandard16
    System.IO.Compression (4.3) - framework: netstandard16
      Microsoft.NETCore.Platforms (>= 1.1) - framework: netstandard16
      runtime.native.System (>= 4.3) - framework: netstandard16
      runtime.native.System.IO.Compression (>= 4.3) - framework: netstandard16
      System.Buffers (>= 4.3) - framework: netstandard16
      System.Collections (>= 4.3) - framework: netstandard16
      System.Diagnostics.Debug (>= 4.3) - framework: netstandard16
      System.IO (>= 4.3) - framework: netstandard16
      System.Resources.ResourceManager (>= 4.3) - framework: netstandard16
      System.Runtime (>= 4.3) - framework: netstandard16
      System.Runtime.Extensions (>= 4.3) - framework: netstandard16
      System.Runtime.Handles (>= 4.3) - framework: netstandard16
      System.Runtime.InteropServices (>= 4.3) - framework: netstandard16
      System.Text.Encoding (>= 4.3) - framework: netstandard16
      System.Threading (>= 4.3) - framework: netstandard16
      System.Threading.Tasks (>= 4.3) - framework: netstandard16
    System.IO.Compression.ZipFile (4.3) - framework: netstandard16
      System.Buffers (>= 4.3) - framework: netstandard16
      System.IO (>= 4.3) - framework: netstandard16
      System.IO.Compression (>= 4.3) - framework: netstandard16
      System.IO.FileSystem (>= 4.3) - framework: netstandard16
      System.IO.FileSystem.Primitives (>= 4.3) - framework: netstandard16
      System.Resources.ResourceManager (>= 4.3) - framework: netstandard16
      System.Runtime (>= 4.3) - framework: netstandard16
      System.Runtime.Extensions (>= 4.3) - framework: netstandard16
      System.Text.Encoding (>= 4.3) - framework: netstandard16
    System.IO.FileSystem (4.3)
      Microsoft.NETCore.Platforms (>= 1.1) - framework: netstandard16
      Microsoft.NETCore.Targets (>= 1.1) - framework: netstandard16
      System.IO (>= 4.3) - framework: netstandard16
      System.IO.FileSystem.Primitives (>= 4.3) - framework: >= net46, netstandard16
      System.Runtime (>= 4.3) - framework: netstandard16
      System.Runtime.Handles (>= 4.3) - framework: netstandard16
      System.Text.Encoding (>= 4.3) - framework: netstandard16
      System.Threading.Tasks (>= 4.3) - framework: netstandard16
    System.IO.FileSystem.AccessControl (4.3) - framework: netstandard16
      Microsoft.NETCore.Platforms (>= 1.1) - framework: netstandard16
      System.IO.FileSystem (>= 4.3) - framework: >= net46, netstandard16
      System.Resources.ResourceManager (>= 4.3) - framework: netstandard16
      System.Runtime (>= 4.3) - framework: netstandard16
      System.Runtime.Extensions (>= 4.3) - framework: netstandard16
      System.Runtime.Handles (>= 4.3) - framework: netstandard16
      System.Security.AccessControl (>= 4.3) - framework: >= net46, netstandard16
      System.Security.Principal.Windows (>= 4.3) - framework: >= net46, netstandard16
    System.IO.FileSystem.Primitives (4.3)
      System.Runtime (>= 4.3) - framework: netstandard16
    System.IO.FileSystem.Watcher (4.3)
      Microsoft.NETCore.Platforms (>= 1.1) - framework: netstandard16
      Microsoft.Win32.Primitives (>= 4.3) - framework: netstandard16
      runtime.native.System (>= 4.3) - framework: netstandard16
      System.Collections (>= 4.3) - framework: netstandard16
      System.IO.FileSystem (>= 4.3) - framework: netstandard16
      System.IO.FileSystem.Primitives (>= 4.3) - framework: netstandard16
      System.Resources.ResourceManager (>= 4.3) - framework: netstandard16
      System.Runtime (>= 4.3) - framework: netstandard16
      System.Runtime.Extensions (>= 4.3) - framework: netstandard16
      System.Runtime.Handles (>= 4.3) - framework: netstandard16
      System.Runtime.InteropServices (>= 4.3) - framework: netstandard16
      System.Text.Encoding (>= 4.3) - framework: netstandard16
      System.Threading (>= 4.3) - framework: netstandard16
      System.Threading.Overlapped (>= 4.3) - framework: netstandard16
      System.Threading.Tasks (>= 4.3) - framework: netstandard16
      System.Threading.Thread (>= 4.3) - framework: netstandard16
    System.Linq (4.3)
      System.Collections (>= 4.3) - framework: netstandard16
      System.Diagnostics.Debug (>= 4.3) - framework: netstandard16
      System.Resources.ResourceManager (>= 4.3) - framework: netstandard16
      System.Runtime (>= 4.3) - framework: netstandard16
      System.Runtime.Extensions (>= 4.3) - framework: netstandard16
    System.Linq.Expressions (4.3)
      System.Collections (>= 4.3) - framework: netstandard16
      System.Diagnostics.Debug (>= 4.3) - framework: netstandard16
      System.Globalization (>= 4.3) - framework: netstandard16
      System.IO (>= 4.3) - framework: netstandard16
      System.Linq (>= 4.3) - framework: netstandard16
      System.ObjectModel (>= 4.3) - framework: netstandard16
      System.Reflection (>= 4.3) - framework: netstandard16
      System.Reflection.Emit (>= 4.3) - framework: netstandard16
      System.Reflection.Emit.ILGeneration (>= 4.3) - framework: netstandard16
      System.Reflection.Emit.Lightweight (>= 4.3) - framework: netstandard16
      System.Reflection.Extensions (>= 4.3) - framework: netstandard16
      System.Reflection.Primitives (>= 4.3) - framework: netstandard16
      System.Reflection.TypeExtensions (>= 4.3) - framework: netstandard16
      System.Resources.ResourceManager (>= 4.3) - framework: netstandard16
      System.Runtime (>= 4.3) - framework: netstandard16
      System.Runtime.Extensions (>= 4.3) - framework: netstandard16
      System.Threading (>= 4.3) - framework: netstandard16
    System.Net.Http (4.3.1)
      Microsoft.NETCore.Platforms (>= 1.1) - framework: netstandard16
      runtime.native.System (>= 4.3) - framework: netstandard16
      runtime.native.System.Net.Http (>= 4.3) - framework: netstandard16
      runtime.native.System.Security.Cryptography.OpenSsl (>= 4.3) - framework: netstandard16
      System.Collections (>= 4.3) - framework: netstandard16
      System.Diagnostics.Debug (>= 4.3) - framework: netstandard16
      System.Diagnostics.DiagnosticSource (>= 4.3) - framework: netstandard16
      System.Diagnostics.Tracing (>= 4.3) - framework: netstandard16
      System.Globalization (>= 4.3) - framework: netstandard16
      System.Globalization.Extensions (>= 4.3) - framework: netstandard16
      System.IO (>= 4.3) - framework: netstandard16
      System.IO.FileSystem (>= 4.3) - framework: netstandard16
      System.Net.Primitives (>= 4.3) - framework: netstandard16
      System.Resources.ResourceManager (>= 4.3) - framework: netstandard16
      System.Runtime (>= 4.3) - framework: netstandard16
      System.Runtime.Extensions (>= 4.3) - framework: netstandard16
      System.Runtime.Handles (>= 4.3) - framework: netstandard16
      System.Runtime.InteropServices (>= 4.3) - framework: netstandard16
      System.Security.Cryptography.Algorithms (>= 4.3) - framework: netstandard16
      System.Security.Cryptography.Encoding (>= 4.3) - framework: netstandard16
      System.Security.Cryptography.OpenSsl (>= 4.3) - framework: netstandard16
      System.Security.Cryptography.Primitives (>= 4.3) - framework: netstandard16
      System.Security.Cryptography.X509Certificates (>= 4.3) - framework: >= net46, netstandard16
      System.Text.Encoding (>= 4.3) - framework: netstandard16
      System.Threading (>= 4.3) - framework: netstandard16
      System.Threading.Tasks (>= 4.3) - framework: netstandard16
    System.Net.NameResolution (4.3)
      Microsoft.NETCore.Platforms (>= 1.1) - framework: netstandard16
      runtime.native.System (>= 4.3) - framework: netstandard16
      System.Collections (>= 4.3) - framework: netstandard16
      System.Diagnostics.Tracing (>= 4.3) - framework: netstandard16
      System.Globalization (>= 4.3) - framework: netstandard16
      System.Net.Primitives (>= 4.3) - framework: netstandard16
      System.Resources.ResourceManager (>= 4.3) - framework: netstandard16
      System.Runtime (>= 4.3) - framework: netstandard16
      System.Runtime.Extensions (>= 4.3) - framework: netstandard16
      System.Runtime.Handles (>= 4.3) - framework: netstandard16
      System.Runtime.InteropServices (>= 4.3) - framework: netstandard16
      System.Security.Principal.Windows (>= 4.3) - framework: netstandard16
      System.Threading (>= 4.3) - framework: netstandard16
      System.Threading.Tasks (>= 4.3) - framework: netstandard16
    System.Net.Primitives (4.3)
      Microsoft.NETCore.Platforms (>= 1.1) - framework: netstandard16
      Microsoft.NETCore.Targets (>= 1.1) - framework: netstandard16
      System.Runtime (>= 4.3) - framework: netstandard16
      System.Runtime.Handles (>= 4.3) - framework: netstandard16
    System.Net.Requests (4.3) - framework: netstandard16
      Microsoft.NETCore.Platforms (>= 1.1) - framework: netstandard16
      System.Collections (>= 4.3) - framework: netstandard16
      System.Diagnostics.Debug (>= 4.3) - framework: netstandard16
      System.Diagnostics.Tracing (>= 4.3) - framework: netstandard16
      System.Globalization (>= 4.3) - framework: netstandard16
      System.IO (>= 4.3) - framework: netstandard16
      System.Net.Http (>= 4.3) - framework: netstandard16
      System.Net.Primitives (>= 4.3) - framework: netstandard16
      System.Net.WebHeaderCollection (>= 4.3) - framework: netstandard16
      System.Resources.ResourceManager (>= 4.3) - framework: netstandard16
      System.Runtime (>= 4.3) - framework: netstandard16
      System.Threading (>= 4.3) - framework: netstandard16
      System.Threading.Tasks (>= 4.3) - framework: netstandard16
    System.Net.Sockets (4.3) - framework: netstandard16
      Microsoft.NETCore.Platforms (>= 1.1) - framework: netstandard16
      Microsoft.NETCore.Targets (>= 1.1) - framework: netstandard16
      System.IO (>= 4.3) - framework: netstandard16
      System.Net.Primitives (>= 4.3) - framework: netstandard16
      System.Runtime (>= 4.3) - framework: netstandard16
      System.Threading.Tasks (>= 4.3) - framework: netstandard16
    System.Net.WebHeaderCollection (4.3) - framework: netstandard16
      System.Collections (>= 4.3) - framework: netstandard16
      System.Resources.ResourceManager (>= 4.3) - framework: netstandard16
      System.Runtime (>= 4.3) - framework: netstandard16
      System.Runtime.Extensions (>= 4.3) - framework: netstandard16
    System.Net.WebSockets (4.3) - framework: netstandard16
      Microsoft.Win32.Primitives (>= 4.3) - framework: netstandard16
      System.Resources.ResourceManager (>= 4.3) - framework: netstandard16
      System.Runtime (>= 4.3) - framework: netstandard16
      System.Threading.Tasks (>= 4.3) - framework: netstandard16
    System.Numerics.Vectors (4.3) - framework: netstandard16
      System.Globalization (>= 4.3) - framework: netstandard16
      System.Resources.ResourceManager (>= 4.3) - framework: netstandard16
      System.Runtime (>= 4.3) - framework: netstandard16
      System.Runtime.Extensions (>= 4.3) - framework: netstandard16
    System.ObjectModel (4.3)
      System.Collections (>= 4.3) - framework: netstandard16
      System.Diagnostics.Debug (>= 4.3) - framework: netstandard16
      System.Resources.ResourceManager (>= 4.3) - framework: netstandard16
      System.Runtime (>= 4.3) - framework: netstandard16
      System.Threading (>= 4.3) - framework: netstandard16
    System.Reflection (4.3)
      Microsoft.NETCore.Platforms (>= 1.1) - framework: netstandard16
      Microsoft.NETCore.Targets (>= 1.1) - framework: netstandard16
      System.IO (>= 4.3) - framework: netstandard16
      System.Reflection.Primitives (>= 4.3) - framework: netstandard16
      System.Runtime (>= 4.3) - framework: netstandard16
    System.Reflection.Emit (4.3)
      System.IO (>= 4.3) - framework: netstandard16
      System.Reflection (>= 4.3) - framework: netstandard16
      System.Reflection.Emit.ILGeneration (>= 4.3) - framework: netstandard16
      System.Reflection.Primitives (>= 4.3) - framework: netstandard16
      System.Runtime (>= 4.3) - framework: netstandard16
    System.Reflection.Emit.ILGeneration (4.3)
      System.Reflection (>= 4.3) - framework: netstandard16
      System.Reflection.Primitives (>= 4.3) - framework: netstandard16
      System.Runtime (>= 4.3) - framework: netstandard16
    System.Reflection.Emit.Lightweight (4.3) - framework: netstandard16
      System.Reflection (>= 4.3) - framework: netstandard16
      System.Reflection.Emit.ILGeneration (>= 4.3) - framework: netstandard16
      System.Reflection.Primitives (>= 4.3) - framework: netstandard16
      System.Runtime (>= 4.3) - framework: netstandard16
    System.Reflection.Extensions (4.3)
      Microsoft.NETCore.Platforms (>= 1.1) - framework: netstandard16
      Microsoft.NETCore.Targets (>= 1.1) - framework: netstandard16
      System.Reflection (>= 4.3) - framework: netstandard16
      System.Runtime (>= 4.3) - framework: netstandard16
    System.Reflection.Metadata (1.4.2)
      System.Collections (>= 4.3) - framework: netstandard16
      System.Collections.Immutable (>= 1.3.1) - framework: >= net45, netstandard16
      System.Diagnostics.Debug (>= 4.3) - framework: netstandard16
      System.IO (>= 4.3) - framework: netstandard16
      System.IO.Compression (>= 4.3) - framework: netstandard16
      System.Linq (>= 4.3) - framework: netstandard16
      System.Reflection (>= 4.3) - framework: netstandard16
      System.Reflection.Extensions (>= 4.3) - framework: netstandard16
      System.Reflection.Primitives (>= 4.3) - framework: netstandard16
      System.Resources.ResourceManager (>= 4.3) - framework: netstandard16
      System.Runtime (>= 4.3) - framework: netstandard16
      System.Runtime.Extensions (>= 4.3) - framework: netstandard16
      System.Runtime.InteropServices (>= 4.3) - framework: netstandard16
      System.Text.Encoding (>= 4.3) - framework: netstandard16
      System.Text.Encoding.Extensions (>= 4.3) - framework: netstandard16
      System.Threading (>= 4.3) - framework: netstandard16
    System.Reflection.Primitives (4.3)
      Microsoft.NETCore.Platforms (>= 1.1) - framework: netstandard16
      Microsoft.NETCore.Targets (>= 1.1) - framework: netstandard16
      System.Runtime (>= 4.3) - framework: netstandard16
    System.Reflection.TypeExtensions (4.3)
      System.Reflection (>= 4.3) - framework: >= net462, netstandard16
      System.Runtime (>= 4.3) - framework: netstandard16
    System.Resources.ResourceManager (4.3)
      Microsoft.NETCore.Platforms (>= 1.1) - framework: netstandard16
      Microsoft.NETCore.Targets (>= 1.1) - framework: netstandard16
      System.Globalization (>= 4.3) - framework: netstandard16
      System.Reflection (>= 4.3) - framework: netstandard16
      System.Runtime (>= 4.3) - framework: netstandard16
    System.Runtime (4.3)
      Microsoft.NETCore.Platforms (>= 1.1) - framework: netstandard16
      Microsoft.NETCore.Targets (>= 1.1) - framework: netstandard16
    System.Runtime.CompilerServices.Unsafe (4.3) - framework: netstandard16
      System.Runtime (>= 4.3) - framework: netstandard16
    System.Runtime.Extensions (4.3)
      Microsoft.NETCore.Platforms (>= 1.1) - framework: netstandard16
      Microsoft.NETCore.Targets (>= 1.1) - framework: netstandard16
      System.Runtime (>= 4.3) - framework: netstandard16
    System.Runtime.Handles (4.3)
      Microsoft.NETCore.Platforms (>= 1.1) - framework: netstandard16
      Microsoft.NETCore.Targets (>= 1.1) - framework: netstandard16
      System.Runtime (>= 4.3) - framework: netstandard16
    System.Runtime.InteropServices (4.3)
      Microsoft.NETCore.Platforms (>= 1.1)
      Microsoft.NETCore.Targets (>= 1.1)
      System.Reflection (>= 4.3)
      System.Reflection.Primitives (>= 4.3)
      System.Runtime (>= 4.3) - framework: >= net462, netstandard16, netcore11
      System.Runtime.Handles (>= 4.3)
    System.Runtime.InteropServices.RuntimeInformation (4.3) - framework: netstandard16
      runtime.native.System (>= 4.3) - framework: netstandard16
      System.Reflection (>= 4.3) - framework: netstandard16
      System.Reflection.Extensions (>= 4.3) - framework: netstandard16
      System.Resources.ResourceManager (>= 4.3) - framework: netstandard16
      System.Runtime (>= 4.3) - framework: netstandard16
      System.Runtime.InteropServices (>= 4.3) - framework: netstandard16
      System.Threading (>= 4.3) - framework: netstandard16
    System.Runtime.Loader (4.3) - framework: netstandard16
      System.IO (>= 4.3) - framework: netstandard16
      System.Reflection (>= 4.3) - framework: netstandard16
      System.Runtime (>= 4.3) - framework: netstandard16
    System.Runtime.Numerics (4.3)
      System.Globalization (>= 4.3) - framework: netstandard16
      System.Resources.ResourceManager (>= 4.3) - framework: netstandard16
      System.Runtime (>= 4.3) - framework: netstandard16
      System.Runtime.Extensions (>= 4.3) - framework: netstandard16
    System.Runtime.Serialization.Formatters (4.3) - framework: netstandard16
      System.Collections (>= 4.3) - framework: netstandard16
      System.Reflection (>= 4.3) - framework: netstandard16
      System.Resources.ResourceManager (>= 4.3) - framework: netstandard16
      System.Runtime (>= 4.3) - framework: netstandard16
      System.Runtime.Serialization.Primitives (>= 4.3) - framework: >= net46, netstandard16
    System.Runtime.Serialization.Primitives (4.3)
      System.Resources.ResourceManager (>= 4.3) - framework: netstandard16
      System.Runtime (>= 4.3) - framework: netstandard16
    System.Security.AccessControl (4.3)
      Microsoft.NETCore.Platforms (>= 1.1) - framework: netstandard16
      System.Collections (>= 4.3) - framework: netstandard16
      System.Globalization (>= 4.3) - framework: netstandard16
      System.Reflection (>= 4.3) - framework: netstandard16
      System.Resources.ResourceManager (>= 4.3) - framework: netstandard16
      System.Runtime (>= 4.3) - framework: netstandard16
      System.Runtime.Handles (>= 4.3) - framework: netstandard16
      System.Runtime.InteropServices (>= 4.3) - framework: netstandard16
      System.Security.Principal.Windows (>= 4.3) - framework: >= net46, netstandard16
      System.Threading (>= 4.3) - framework: netstandard16
      System.Threading.Thread (>= 4.3) - framework: netstandard16
    System.Security.Claims (4.3)
      System.Collections (>= 4.3) - framework: netstandard16
      System.Globalization (>= 4.3) - framework: netstandard16
      System.IO (>= 4.3) - framework: netstandard16
      System.Resources.ResourceManager (>= 4.3) - framework: netstandard16
      System.Runtime (>= 4.3) - framework: netstandard16
      System.Runtime.Extensions (>= 4.3) - framework: netstandard16
      System.Security.Principal (>= 4.3) - framework: netstandard16
    System.Security.Cryptography.Algorithms (4.3)
      Microsoft.NETCore.Platforms (>= 1.1) - framework: netstandard16
      runtime.native.System.Security.Cryptography.Apple (>= 4.3) - framework: netstandard16
      runtime.native.System.Security.Cryptography.OpenSsl (>= 4.3) - framework: netstandard16
      System.Collections (>= 4.3) - framework: netstandard16
      System.IO (>= 4.3) - framework: >= net463, netstandard16
      System.Resources.ResourceManager (>= 4.3) - framework: netstandard16
      System.Runtime (>= 4.3) - framework: >= net463, netstandard16
      System.Runtime.Extensions (>= 4.3) - framework: netstandard16
      System.Runtime.Handles (>= 4.3) - framework: netstandard16
      System.Runtime.InteropServices (>= 4.3) - framework: netstandard16
      System.Runtime.Numerics (>= 4.3) - framework: netstandard16
      System.Security.Cryptography.Encoding (>= 4.3) - framework: >= net463, netstandard16
      System.Security.Cryptography.Primitives (>= 4.3) - framework: net46, net461, >= net463, netstandard16
      System.Text.Encoding (>= 4.3) - framework: netstandard16
    System.Security.Cryptography.Cng (4.3) - framework: netstandard16
      Microsoft.NETCore.Platforms (>= 1.1) - framework: netstandard16
      System.IO (>= 4.3) - framework: netstandard16
      System.Resources.ResourceManager (>= 4.3) - framework: netstandard16
      System.Runtime (>= 4.3) - framework: netstandard16
      System.Runtime.Extensions (>= 4.3) - framework: netstandard16
      System.Runtime.Handles (>= 4.3) - framework: netstandard16
      System.Runtime.InteropServices (>= 4.3) - framework: netstandard16
      System.Security.Cryptography.Algorithms (>= 4.3) - framework: net46, net461, >= net463, netstandard16
      System.Security.Cryptography.Encoding (>= 4.3) - framework: netstandard16
      System.Security.Cryptography.Primitives (>= 4.3) - framework: net46, net461, >= net463, netstandard16
      System.Text.Encoding (>= 4.3) - framework: netstandard16
    System.Security.Cryptography.Csp (4.3) - framework: netstandard16
      Microsoft.NETCore.Platforms (>= 1.1) - framework: netstandard16
      System.IO (>= 4.3) - framework: netstandard16
      System.Reflection (>= 4.3) - framework: netstandard16
      System.Resources.ResourceManager (>= 4.3) - framework: netstandard16
      System.Runtime (>= 4.3) - framework: netstandard16
      System.Runtime.Extensions (>= 4.3) - framework: netstandard16
      System.Runtime.Handles (>= 4.3) - framework: netstandard16
      System.Runtime.InteropServices (>= 4.3) - framework: netstandard16
      System.Security.Cryptography.Algorithms (>= 4.3) - framework: >= net46, netstandard16
      System.Security.Cryptography.Encoding (>= 4.3) - framework: netstandard16
      System.Security.Cryptography.Primitives (>= 4.3) - framework: >= net46, netstandard16
      System.Text.Encoding (>= 4.3) - framework: netstandard16
      System.Threading (>= 4.3) - framework: netstandard16
    System.Security.Cryptography.Encoding (4.3)
      Microsoft.NETCore.Platforms (>= 1.1) - framework: netstandard16
      runtime.native.System.Security.Cryptography.OpenSsl (>= 4.3) - framework: netstandard16
      System.Collections (>= 4.3) - framework: netstandard16
      System.Collections.Concurrent (>= 4.3) - framework: netstandard16
      System.Linq (>= 4.3) - framework: netstandard16
      System.Resources.ResourceManager (>= 4.3) - framework: netstandard16
      System.Runtime (>= 4.3) - framework: netstandard16
      System.Runtime.Extensions (>= 4.3) - framework: netstandard16
      System.Runtime.Handles (>= 4.3) - framework: netstandard16
      System.Runtime.InteropServices (>= 4.3) - framework: netstandard16
      System.Security.Cryptography.Primitives (>= 4.3) - framework: netstandard16
      System.Text.Encoding (>= 4.3) - framework: netstandard16
    System.Security.Cryptography.OpenSsl (4.3)
      runtime.native.System.Security.Cryptography.OpenSsl (>= 4.3) - framework: >= net463, netstandard16
      System.Collections (>= 4.3) - framework: netstandard16
      System.IO (>= 4.3) - framework: >= net463, netstandard16
      System.Resources.ResourceManager (>= 4.3) - framework: netstandard16
      System.Runtime (>= 4.3) - framework: >= net463, netstandard16
      System.Runtime.Extensions (>= 4.3) - framework: >= net463, netstandard16
      System.Runtime.Handles (>= 4.3) - framework: netstandard16
      System.Runtime.InteropServices (>= 4.3) - framework: netstandard16
      System.Runtime.Numerics (>= 4.3) - framework: netstandard16
      System.Security.Cryptography.Algorithms (>= 4.3) - framework: >= net463, netstandard16
      System.Security.Cryptography.Encoding (>= 4.3) - framework: >= net463, netstandard16
      System.Security.Cryptography.Primitives (>= 4.3) - framework: >= net463, netstandard16
      System.Text.Encoding (>= 4.3) - framework: netstandard16
    System.Security.Cryptography.Primitives (4.3)
      System.Diagnostics.Debug (>= 4.3) - framework: netstandard16
      System.Globalization (>= 4.3) - framework: netstandard16
      System.IO (>= 4.3) - framework: netstandard16
      System.Resources.ResourceManager (>= 4.3) - framework: netstandard16
      System.Runtime (>= 4.3) - framework: netstandard16
      System.Threading (>= 4.3) - framework: netstandard16
      System.Threading.Tasks (>= 4.3) - framework: netstandard16
    System.Security.Cryptography.X509Certificates (4.3)
      Microsoft.NETCore.Platforms (>= 1.1) - framework: netstandard16
      runtime.native.System (>= 4.3) - framework: netstandard16
      runtime.native.System.Net.Http (>= 4.3) - framework: netstandard16
      runtime.native.System.Security.Cryptography.OpenSsl (>= 4.3) - framework: netstandard16
      System.Collections (>= 4.3) - framework: netstandard16
      System.Diagnostics.Debug (>= 4.3) - framework: netstandard16
      System.Globalization (>= 4.3) - framework: netstandard16
      System.Globalization.Calendars (>= 4.3) - framework: netstandard16
      System.IO (>= 4.3) - framework: netstandard16
      System.IO.FileSystem (>= 4.3) - framework: netstandard16
      System.IO.FileSystem.Primitives (>= 4.3) - framework: netstandard16
      System.Resources.ResourceManager (>= 4.3) - framework: netstandard16
      System.Runtime (>= 4.3) - framework: netstandard16
      System.Runtime.Extensions (>= 4.3) - framework: netstandard16
      System.Runtime.Handles (>= 4.3) - framework: netstandard16
      System.Runtime.InteropServices (>= 4.3) - framework: netstandard16
      System.Runtime.Numerics (>= 4.3) - framework: netstandard16
      System.Security.Cryptography.Algorithms (>= 4.3) - framework: >= net46, netstandard16
      System.Security.Cryptography.Cng (>= 4.3) - framework: netstandard16
      System.Security.Cryptography.Csp (>= 4.3) - framework: netstandard16
      System.Security.Cryptography.Encoding (>= 4.3) - framework: >= net46, netstandard16
      System.Security.Cryptography.OpenSsl (>= 4.3) - framework: netstandard16
      System.Security.Cryptography.Primitives (>= 4.3) - framework: netstandard16
      System.Text.Encoding (>= 4.3) - framework: netstandard16
      System.Threading (>= 4.3) - framework: netstandard16
    System.Security.Principal (4.3)
      System.Runtime (>= 4.3) - framework: netstandard16
    System.Security.Principal.Windows (4.3)
      Microsoft.NETCore.Platforms (>= 1.1) - framework: netstandard16
      Microsoft.Win32.Primitives (>= 4.3) - framework: netstandard16
      System.Collections (>= 4.3) - framework: netstandard16
      System.Diagnostics.Debug (>= 4.3) - framework: netstandard16
      System.Reflection (>= 4.3) - framework: netstandard16
      System.Resources.ResourceManager (>= 4.3) - framework: netstandard16
      System.Runtime (>= 4.3) - framework: netstandard16
      System.Runtime.Extensions (>= 4.3) - framework: netstandard16
      System.Runtime.Handles (>= 4.3) - framework: netstandard16
      System.Runtime.InteropServices (>= 4.3) - framework: netstandard16
      System.Security.Claims (>= 4.3) - framework: >= net46, netstandard16
      System.Security.Principal (>= 4.3) - framework: netstandard16
      System.Text.Encoding (>= 4.3) - framework: netstandard16
      System.Threading (>= 4.3) - framework: netstandard16
    System.Text.Encoding (4.3)
      Microsoft.NETCore.Platforms (>= 1.1) - framework: netstandard16
      Microsoft.NETCore.Targets (>= 1.1) - framework: netstandard16
      System.Runtime (>= 4.3) - framework: netstandard16
    System.Text.Encoding.Extensions (4.3)
      Microsoft.NETCore.Platforms (>= 1.1) - framework: netstandard16
      Microsoft.NETCore.Targets (>= 1.1) - framework: netstandard16
      System.Runtime (>= 4.3) - framework: netstandard16
      System.Text.Encoding (>= 4.3) - framework: netstandard16
    System.Text.Encodings.Web (4.3)
      System.Diagnostics.Debug (>= 4.3) - framework: netstandard16
      System.IO (>= 4.3) - framework: netstandard16
      System.Reflection (>= 4.3) - framework: netstandard16
      System.Resources.ResourceManager (>= 4.3) - framework: netstandard16
      System.Runtime (>= 4.3) - framework: netstandard16
      System.Runtime.Extensions (>= 4.3) - framework: netstandard16
      System.Threading (>= 4.3) - framework: netstandard16
    System.Text.RegularExpressions (4.3)
      System.Collections (>= 4.3) - framework: netstandard16
      System.Globalization (>= 4.3) - framework: netstandard16
      System.Resources.ResourceManager (>= 4.3) - framework: netstandard16
      System.Runtime (>= 4.3)
      System.Runtime.Extensions (>= 4.3) - framework: netstandard16
      System.Threading (>= 4.3) - framework: netstandard16
    System.Threading (4.3)
      System.Runtime (>= 4.3) - framework: netstandard16
      System.Threading.Tasks (>= 4.3) - framework: netstandard16
    System.Threading.AccessControl (4.3) - framework: netstandard16
      Microsoft.NETCore.Platforms (>= 1.1) - framework: netstandard16
      System.Resources.ResourceManager (>= 4.3) - framework: netstandard16
      System.Runtime (>= 4.3) - framework: netstandard16
      System.Runtime.Handles (>= 4.3) - framework: netstandard16
      System.Security.AccessControl (>= 4.3) - framework: >= net46, netstandard16
      System.Security.Principal.Windows (>= 4.3) - framework: >= net46, netstandard16
      System.Threading (>= 4.3) - framework: netstandard16
    System.Threading.Overlapped (4.3) - framework: netstandard16
      Microsoft.NETCore.Platforms (>= 1.1) - framework: netstandard16
      System.Resources.ResourceManager (>= 4.3) - framework: netstandard16
      System.Runtime (>= 4.3) - framework: netstandard16
      System.Runtime.Handles (>= 4.3) - framework: netstandard16
    System.Threading.Tasks (4.3)
      Microsoft.NETCore.Platforms (>= 1.1) - framework: netstandard16
      Microsoft.NETCore.Targets (>= 1.1) - framework: netstandard16
      System.Runtime (>= 4.3) - framework: netstandard16
    System.Threading.Tasks.Extensions (4.3) - framework: netstandard16
      System.Collections (>= 4.3) - framework: netstandard16
      System.Runtime (>= 4.3) - framework: netstandard16
      System.Threading.Tasks (>= 4.3) - framework: netstandard16
    System.Threading.Thread (4.3)
      System.Runtime (>= 4.3) - framework: netstandard16
    System.Threading.ThreadPool (4.3)
      System.Runtime (>= 4.3) - framework: netstandard16
      System.Runtime.Handles (>= 4.3) - framework: netstandard16
    System.Threading.Timer (4.3) - framework: netstandard16
      Microsoft.NETCore.Platforms (>= 1.1) - framework: netstandard16
      Microsoft.NETCore.Targets (>= 1.1) - framework: netstandard16
      System.Runtime (>= 4.3) - framework: netstandard16
    System.Xml.ReaderWriter (4.3) - framework: netstandard16
      System.Collections (>= 4.3) - framework: netstandard16
      System.Diagnostics.Debug (>= 4.3) - framework: netstandard16
      System.Globalization (>= 4.3) - framework: netstandard16
      System.IO (>= 4.3) - framework: netstandard16
      System.IO.FileSystem (>= 4.3) - framework: netstandard16
      System.IO.FileSystem.Primitives (>= 4.3) - framework: netstandard16
      System.Resources.ResourceManager (>= 4.3) - framework: netstandard16
      System.Runtime (>= 4.3) - framework: netstandard16
      System.Runtime.Extensions (>= 4.3) - framework: netstandard16
      System.Runtime.InteropServices (>= 4.3) - framework: netstandard16
      System.Text.Encoding (>= 4.3) - framework: netstandard16
      System.Text.Encoding.Extensions (>= 4.3) - framework: netstandard16
      System.Text.RegularExpressions (>= 4.3) - framework: netstandard16
      System.Threading.Tasks (>= 4.3) - framework: netstandard16
      System.Threading.Tasks.Extensions (>= 4.3) - framework: netstandard16
    System.Xml.XDocument (4.3) - framework: netstandard16
      System.Collections (>= 4.3) - framework: netstandard16
      System.Diagnostics.Debug (>= 4.3) - framework: netstandard16
      System.Diagnostics.Tools (>= 4.3) - framework: netstandard16
      System.Globalization (>= 4.3) - framework: netstandard16
      System.IO (>= 4.3) - framework: netstandard16
      System.Reflection (>= 4.3) - framework: netstandard16
      System.Resources.ResourceManager (>= 4.3) - framework: netstandard16
      System.Runtime (>= 4.3) - framework: netstandard16
      System.Runtime.Extensions (>= 4.3) - framework: netstandard16
      System.Text.Encoding (>= 4.3) - framework: netstandard16
      System.Threading (>= 4.3) - framework: netstandard16
      System.Xml.ReaderWriter (>= 4.3) - framework: netstandard16
    System.Xml.XmlDocument (4.3)
      System.Collections (>= 4.3) - framework: netstandard16
      System.Diagnostics.Debug (>= 4.3) - framework: netstandard16
      System.Globalization (>= 4.3) - framework: netstandard16
      System.IO (>= 4.3) - framework: netstandard16
      System.Resources.ResourceManager (>= 4.3) - framework: netstandard16
      System.Runtime (>= 4.3) - framework: netstandard16
      System.Runtime.Extensions (>= 4.3) - framework: netstandard16
      System.Text.Encoding (>= 4.3) - framework: netstandard16
      System.Threading (>= 4.3) - framework: netstandard16
      System.Xml.ReaderWriter (>= 4.3) - framework: netstandard16
    System.Xml.XmlSerializer (4.3) - framework: netstandard16
      System.Collections (>= 4.3) - framework: netstandard16
      System.Globalization (>= 4.3) - framework: netstandard16
      System.IO (>= 4.3) - framework: netstandard16
      System.Linq (>= 4.3) - framework: netstandard16
      System.Reflection (>= 4.3) - framework: netstandard16
      System.Reflection.Emit (>= 4.3) - framework: netstandard16
      System.Reflection.Emit.ILGeneration (>= 4.3) - framework: netstandard16
      System.Reflection.Extensions (>= 4.3) - framework: netstandard16
      System.Reflection.Primitives (>= 4.3) - framework: netstandard16
      System.Reflection.TypeExtensions (>= 4.3) - framework: netstandard16
      System.Resources.ResourceManager (>= 4.3) - framework: netstandard16
      System.Runtime (>= 4.3) - framework: netstandard16
      System.Runtime.Extensions (>= 4.3) - framework: netstandard16
      System.Text.RegularExpressions (>= 4.3) - framework: netstandard16
      System.Threading (>= 4.3) - framework: netstandard16
      System.Xml.ReaderWriter (>= 4.3) - framework: netstandard16
      System.Xml.XmlDocument (>= 4.3) - framework: netstandard16
