FRAMEWORK: NETCORE11
NUGET
  remote: https://www.nuget.org/api/v2
    FAKE (4.57.4)
    Microsoft.AspNetCore.Hosting (1.1.1)
    Microsoft.AspNetCore.Owin (1.1.1)
    Microsoft.AspNetCore.Server.IISIntegration (1.1.1)
    Microsoft.AspNetCore.Server.Kestrel (1.1.1)
    Nancy (2.0.0-clinteastwood)
    NLog (5.0.0-beta06)
    NLog.Targets.ElasticSearch (4.0.0-beta20)
    xunit (2.2)
      xunit.assert (2.2)
      xunit.core (2.2)
    xunit.assert (2.2)
    xunit.core (2.2)
      xunit.extensibility.core (2.2)
      xunit.extensibility.execution (2.2)
    xunit.extensibility.core (2.2)
    xunit.extensibility.execution (2.2)
    xunit.runner.visualstudio (2.2)
